GEM
  remote: http://rubygems.org/
  specs:
    mysql2 (0.4.3)
    mysql2-cs-bind (0.0.6)
      mysql2
    terminal-notifier (1.6.3)

PLATFORMS
  ruby

DEPENDENCIES
  mysql2-cs-bind
  terminal-notifier

BUNDLED WITH
   1.11.2
