GEM
  remote: http://rubygems.org/
  specs:
    mysql2 (0.4.3)
    mysql2-cs-bind (0.0.6)
      mysql2

PLATFORMS
  ruby

DEPENDENCIES
  mysql2-cs-bind

BUNDLED WITH
   1.11.2
